GEM
  remote: https://rubygems.org/
  specs:
    attestify (0.1.0.pre.3)

PLATFORMS
  ruby

DEPENDENCIES
  attestify

BUNDLED WITH
   1.13.2
